PATH
  remote: .
  specs:
    asciidoctor-multipage (0.0.1)
      asciidoctor (= 1.5.7.1)
      thread_safe (> 0)

GEM
  remote: https://rubygems.org/
  specs:
    asciidoctor (1.5.7.1)
    minitest (5.14.3)
    rake (13.0.3)
    thread_safe (0.3.6)

PLATFORMS
  ruby

DEPENDENCIES
  asciidoctor-multipage!
  bundler (~> 1)
  minitest (~> 5)
  rake (~> 13)

BUNDLED WITH
   1.17.3
