PATH
  remote: .
  specs:
    asciidoctor-multipage (0.0.4)
      asciidoctor (>= 2.0.11, < 2.1)

GEM
  remote: https://rubygems.org/
  specs:
    appraisal (2.3.0)
      bundler
      rake
      thor (>= 0.14.0)
    asciidoctor (2.0.12)
    minitest (5.14.3)
    rake (13.0.3)
    thor (1.1.0)

PLATFORMS
  ruby

DEPENDENCIES
  appraisal
  asciidoctor-multipage!
  bundler (~> 1)
  minitest (~> 5)
  rake (~> 13)

BUNDLED WITH
   1.17.3
