PATH
  remote: .
  specs:
    asciidoctor-multipage (0.0.2)
      asciidoctor (= 2.0.12)

GEM
  remote: https://rubygems.org/
  specs:
    asciidoctor (2.0.12)
    minitest (5.14.3)
    rake (13.0.3)

PLATFORMS
  ruby

DEPENDENCIES
  asciidoctor-multipage!
  bundler (~> 1)
  minitest (~> 5)
  rake (~> 13)

BUNDLED WITH
   1.17.3
